GEM
  remote: https://rubygems.org/
  specs:
    parslet (1.8.0)
    pattern-match (1.0.1)

PLATFORMS
  ruby

DEPENDENCIES
  parslet
  pattern-match

BUNDLED WITH
   1.14.3
